GEM
  remote: https://rubygems.org/
  specs:
    async (1.30.1)
      console (~> 1.10)
      nio4r (~> 2.3)
      timers (~> 4.1)
    concurrent-ruby (1.1.9)
    console (1.14.0)
      fiber-local
    faker (2.19.0)
      i18n (>= 1.6, < 2)
    fiber-local (1.0.0)
    i18n (1.8.11)
      concurrent-ruby (~> 1.0)
    nio4r (2.5.8)
    timers (4.3.3)

PLATFORMS
  x86_64-darwin-20

DEPENDENCIES
  async (~> 1.30)
  faker (~> 2.19)

BUNDLED WITH
   2.2.24
